GEM
  remote: https://rubygems.org/
  specs:
    base64 (0.3.0)
    concurrent-ruby (1.3.5)
    cyberarm_engine (0.24.5)
      gosu (~> 1.1)
    digest-crc (0.7.0)
      rake (>= 12.0.0, < 14.0.0)
    event_emitter (0.2.6)
    excon (1.3.0)
      logger
    ffi (1.17.2-x64-mingw-ucrt)
    ffi (1.17.2-x86_64-linux-gnu)
    ffi-win32-extensions (1.0.4)
      ffi
    gosu (1.4.6)
    i18n (1.14.7)
      concurrent-ruby (~> 1.0)
    ircparser (1.0.0)
    libui (0.1.2-x64-mingw)
    logger (1.7.0)
    mutex_m (0.3.0)
    rake (13.3.0)
    rexml (3.4.2)
    rubyzip (3.0.2)
    sdl2-bindings (0.2.3)
      ffi (~> 1.15)
    websocket (1.2.11)
    websocket-client-simple (0.9.0)
      base64
      event_emitter
      mutex_m
      websocket
    win32-process (0.10.0)
      ffi (>= 1.0.0)
    win32-security (0.5.0)
      ffi
      ffi-win32-extensions

PLATFORMS
  x64-mingw-ucrt
  x86_64-linux

DEPENDENCIES
  base64
  cyberarm_engine
  digest-crc
  excon
  i18n
  ircparser
  libui
  rexml
  rubyzip
  sdl2-bindings
  websocket-client-simple
  win32-process
  win32-security

BUNDLED WITH
   2.6.8
